GEM
  remote: https://rubygems.org/
  specs:
    cgi (0.3.2)
    erb (2.2.3)
      cgi
    json (2.6.2)
    ostruct (0.5.5)

PLATFORMS
  x86_64-linux

DEPENDENCIES
  erb (~> 2.2)
  json (~> 2.6)
  ostruct (~> 0.5.5)

BUNDLED WITH
   2.3.5
